PATH
  remote: .
  specs:
    omf_sfa (6.3.0)
      activesupport
      blather (~> 1.0.0)
      bluecloth (~> 2.2.0)
      daemons (~> 1.0.9)
      data_mapper (~> 1.2.0)
      em-minitest-spec (~> 1.1.1)
      equivalent-xml (~> 0.2.9)
      erector (~> 0.8.3)
      eventmachine (~> 1.2.7)
      json (~> 1.8.3)
      log4r (~> 1.1.10)
      maruku (~> 0.6.0)
      nokogiri (= 1.6.8)
      omf_common (~> 6.2.4)
      omf_rc (~> 6.2.4)
      pg (= 1.0.0)
      rack (~> 1.5.2)
      rack-rpc (~> 0.0.12)
      rspec (~> 3.5.0)
      rufus-scheduler (~> 3.0.9)
      sequel (= 5.3.0)
      sequel_pg (= 1.8.1)
      sqlite3 (~> 1.3.10)
      thin (~> 1.6.0)
      uuid (~> 2.3.5)

GEM
  remote: http://rubygems.org/
  specs:
    activesupport (4.0.13)
      i18n (~> 0.6, >= 0.6.9)
      minitest (~> 4.2)
      multi_json (~> 1.3)
      thread_safe (~> 0.1)
      tzinfo (~> 0.3.37)
    addressable (2.7.0)
      public_suffix (>= 2.0.2, < 5.0)
    amq-protocol (2.3.0)
    amqp (1.8.0)
      amq-protocol (>= 2.2.0)
      eventmachine
    bcrypt (3.1.13)
    bcrypt-ruby (3.1.5)
      bcrypt (>= 3.1.3)
    bindata (2.4.4)
    blather (1.0.0)
      activesupport (>= 2.3.11)
      eventmachine (>= 1.0.0)
      girl_friday
      niceogiri (~> 1.0)
      nokogiri (~> 1.5, >= 1.5.6)
    bluecloth (2.2.0)
    builder (2.1.2)
    climate_control (0.2.0)
    cocaine (0.5.8)
      climate_control (>= 0.0.3, < 1.0)
    concurrent-ruby (1.1.5)
    connection_pool (1.2.0)
    daemons (1.0.10)
    data_mapper (1.2.0)
      dm-aggregates (~> 1.2.0)
      dm-constraints (~> 1.2.0)
      dm-core (~> 1.2.0)
      dm-migrations (~> 1.2.0)
      dm-serializer (~> 1.2.0)
      dm-timestamps (~> 1.2.0)
      dm-transactions (~> 1.2.0)
      dm-types (~> 1.2.0)
      dm-validations (~> 1.2.0)
    debase (0.2.4)
      debase-ruby_core_source (>= 0.10.2)
    debase-ruby_core_source (0.10.5)
    diff-lcs (1.3)
    dm-aggregates (1.2.0)
      dm-core (~> 1.2.0)
    dm-constraints (1.2.0)
      dm-core (~> 1.2.0)
    dm-core (1.2.1)
      addressable (~> 2.3)
    dm-migrations (1.2.0)
      dm-core (~> 1.2.0)
    dm-serializer (1.2.2)
      dm-core (~> 1.2.0)
      fastercsv (~> 1.5)
      json (~> 1.6)
      json_pure (~> 1.6)
      multi_json (~> 1.0)
    dm-timestamps (1.2.0)
      dm-core (~> 1.2.0)
    dm-transactions (1.2.0)
      dm-core (~> 1.2.0)
    dm-types (1.2.2)
      bcrypt-ruby (~> 3.0)
      dm-core (~> 1.2.0)
      fastercsv (~> 1.5)
      json (~> 1.6)
      multi_json (~> 1.0)
      stringex (~> 1.4)
      uuidtools (~> 2.1)
    dm-validations (1.2.0)
      dm-core (~> 1.2.0)
    em-minitest-spec (1.1.1)
      eventmachine
    equivalent-xml (0.2.9)
      nokogiri (>= 1.4.3)
    erector (0.8.3)
      rake
      treetop
      treetop (>= 1.2.3)
    eventmachine (1.2.7)
    facter (2.4.6)
    fastercsv (1.5.5)
    file-tail (1.2.0)
      tins (~> 1.0)
    girl_friday (0.11.2)
      connection_pool (~> 1.0)
      rubinius-actor
    hashie (3.4.6)
    highline (2.0.2)
    i18n (0.9.5)
      concurrent-ruby (~> 1.0)
    json (1.8.6)
    json-jwt (1.7.2)
      activesupport
      bindata
      multi_json (>= 1.3)
      securecompare
      url_safe_base64
    json_pure (1.8.6)
    little-plugger (1.1.4)
    log4r (1.1.10)
    logging (1.8.2)
      little-plugger (>= 1.1.3)
      multi_json (>= 1.8.4)
    macaddr (1.7.1)
      systemu (~> 2.6.2)
    maruku (0.6.1)
      syntax (>= 1.0.0)
    mini_portile2 (2.1.0)
    minitest (4.3.3)
    multi_json (1.13.1)
    niceogiri (1.1.2)
      nokogiri (~> 1.5)
    nokogiri (1.6.8)
      mini_portile2 (~> 2.1.0)
      pkg-config (~> 1.1.7)
    oj (3.3.2)
    oj_mimic_json (1.0.1)
    omf_common (6.2.4)
      amqp (= 1.8.0)
      eventmachine (= 1.2.7)
      hashie (= 3.4.6)
      highline
      json-jwt (= 1.7.2)
      logging (= 1.8.2)
      oj (= 3.3.2)
      oj_mimic_json (= 1.0.1)
      oml4r (= 2.10.6)
      sourcify (= 0.5.0)
      uuidtools
    omf_rc (6.2.4)
      cocaine (= 0.5.8)
      facter (= 2.4.6)
      macaddr (= 1.7.1)
      nokogiri (= 1.6.8)
      omf_common (= 6.2.4)
    oml4r (2.10.6)
    pg (1.0.0)
    pkg-config (1.1.9)
    polyglot (0.3.5)
    public_suffix (4.0.1)
    rack (1.5.5)
    rack-rpc (0.0.12)
      builder (~> 2.1.2)
      rack (~> 1.0)
    rake (12.0.0)
    rspec (3.5.0)
      rspec-core (~> 3.5.0)
      rspec-expectations (~> 3.5.0)
      rspec-mocks (~> 3.5.0)
    rspec-core (3.5.4)
      rspec-support (~> 3.5.0)
    rspec-expectations (3.5.0)
      diff-lcs (>= 1.2.0, < 2.0)
      rspec-support (~> 3.5.0)
    rspec-mocks (3.5.0)
      diff-lcs (>= 1.2.0, < 2.0)
      rspec-support (~> 3.5.0)
    rspec-support (3.5.0)
    rubinius-actor (0.0.2)
      rubinius-core-api
    rubinius-core-api (0.0.1)
    ruby2ruby (2.4.3)
      ruby_parser (~> 3.1)
      sexp_processor (~> 4.6)
    ruby_parser (3.13.1)
      sexp_processor (~> 4.9)
    rufus-scheduler (3.0.9)
      tzinfo
    securecompare (1.0.0)
    sequel (5.3.0)
    sequel_pg (1.8.1)
      pg (>= 0.18.0)
      sequel (>= 4.34.0)
    sexp_processor (4.12.1)
    sourcify (0.5.0)
      file-tail (>= 1.0.5)
      ruby2ruby (>= 1.2.5)
      ruby_parser (>= 2.0.5)
      sexp_processor (>= 3.0.5)
    sqlite3 (1.3.13)
    stringex (1.5.1)
    syntax (1.2.2)
    systemu (2.6.5)
    thin (1.6.4)
      daemons (~> 1.0, >= 1.0.9)
      eventmachine (~> 1.0, >= 1.0.4)
      rack (~> 1.0)
    thread_safe (0.3.6)
    tins (1.21.1)
    treetop (1.6.10)
      polyglot (~> 0.3)
    tzinfo (0.3.55)
    url_safe_base64 (0.2.2)
    uuid (2.3.9)
      macaddr (~> 1.0)
    uuidtools (2.1.5)

PLATFORMS
  ruby

DEPENDENCIES
  debase
  minitest (~> 4.3.3)
  omf_sfa!
  pg
  rake (= 12.0.0)

BUNDLED WITH
   2.0.2
